GEM
  remote: https://rubygems.org/
  specs:
    fetchable (1.0.0)

PLATFORMS
  ruby

DEPENDENCIES
  fetchable
