GEM
  remote: https://rubygems.org/
  specs:
    benchmark-bigo (1.0.0)
      benchmark-ips (~> 2.0)
      chartkick (~> 1.2)
    benchmark-ips (2.1.1)
    chartkick (1.3.2)

PLATFORMS
  ruby

DEPENDENCIES
  benchmark-bigo
